PATH
  remote: .
  specs:
    cg (0.0.7)
      erubis (>= 2.6.5)
      nokogiri (>= 1.4.1)
      rack (>= 1.1.0)
      rdiscount (>= 1.6.3.1)
      tilt (>= 0.9)

GEM
  remote: https://rubygems.org/
  specs:
    erubis (2.7.0)
    nokogiri (1.5.4)
    rack (1.4.1)
    rdiscount (1.6.8)
    rspec (1.2.9)
    tilt (1.3.3)

PLATFORMS
  ruby

DEPENDENCIES
  cg!
  rspec (= 1.2.9)
