GEM
  remote: http://rubygems.org/
  specs:
    erubis (2.7.0)
    git (1.2.5)
    jeweler (1.8.3)
      bundler (~> 1.0)
      git (>= 1.2.5)
      rake
      rdoc
    json (1.7.3)
    rack (1.4.1)
    rake (0.9.2.2)
    rdiscount (1.6.8)
    rdoc (3.12)
      json (~> 1.4)
    tilt (1.3.3)

PLATFORMS
  ruby

DEPENDENCIES
  erubis
  jeweler
  rack
  rake
  rdiscount
  tilt
